GIT
  remote: git://github.com/freerange/recap.git
  revision: c80459e9326b37378e33dac634eca9797a82644f
  specs:
    recap (1.0.12)
      capistrano (~> 2.9)
      open4
      thor

GEM
  remote: https://rubygems.org/
  specs:
    BlueCloth (1.0.1)
    RedCloth (4.2.9)
    airbrake (4.3.8)
      builder
      multi_json
    blankslate (2.1.2.4)
    builder (3.2.2)
    capistrano (2.15.5)
      highline
      net-scp (>= 1.0.0)
      net-sftp (>= 2.0.0)
      net-ssh (>= 2.0.14)
      net-ssh-gateway (>= 1.1.0)
    haml (4.0.5)
      tilt
    highline (1.6.21)
    kramdown (1.11.1)
    libxml-ruby (2.8.0)
    multi_json (1.10.1)
    net-scp (1.2.1)
      net-ssh (>= 2.6.5)
    net-sftp (2.1.2)
      net-ssh (>= 2.6.5)
    net-ssh (2.9.1)
    net-ssh-gateway (1.2.0)
      net-ssh (>= 2.6.5)
    open4 (1.3.4)
    parslet (1.5.0)
      blankslate (~> 2.0)
    rack (1.6.4)
    rack-test (0.6.2)
      rack (>= 1.0)
    rake (10.3.2)
    ratom (0.9.0)
      libxml-ruby (~> 2.6)
    soup (1.0.11)
    thor (0.19.1)
    tilt (2.0.1)
    vanilla (1.17.13)
      BlueCloth (>= 1.0.0)
      RedCloth (>= 4.1.1)
      haml (>= 3.1)
      parslet (~> 1.5.0)
      rack (>= 0.9.1)
      rack-test (>= 0.5.7)
      ratom (>= 0.3.5)
      soup (>= 1.0.11)

PLATFORMS
  ruby

DEPENDENCIES
  airbrake (~> 4)
  kramdown
  rake
  recap!
  vanilla

BUNDLED WITH
   1.10.6
