GIT
  remote: git://github.com/freerange/recap.git
  revision: c80459e9326b37378e33dac634eca9797a82644f
  specs:
    recap (1.0.12)
      capistrano (~> 2.9)
      open4
      thor

GIT
  remote: git://github.com/lazyatom/vanilla-rb.git
  revision: 786cfccdaafe5daf3b2444e51715d6b022d6f420
  specs:
    vanilla (1.17.11)
      BlueCloth (>= 1.0.0)
      RedCloth (>= 4.1.1)
      haml (>= 3.1)
      parslet (>= 1.2.0)
      rack (>= 0.9.1)
      rack-test (>= 0.5.7)
      ratom (>= 0.3.5)
      soup (>= 1.0.11)

GEM
  remote: https://rubygems.org/
  specs:
    BlueCloth (1.0.1)
    RedCloth (4.2.9)
    airbrake (4.1.0)
      builder
      multi_json
    blankslate (2.1.2.4)
    builder (3.2.2)
    capistrano (2.15.5)
      highline
      net-scp (>= 1.0.0)
      net-sftp (>= 2.0.0)
      net-ssh (>= 2.0.14)
      net-ssh-gateway (>= 1.1.0)
    haml (4.0.5)
      tilt
    highline (1.6.21)
    kramdown (1.4.0)
    libxml-ruby (2.8.0)
    multi_json (1.10.1)
    net-scp (1.2.1)
      net-ssh (>= 2.6.5)
    net-sftp (2.1.2)
      net-ssh (>= 2.6.5)
    net-ssh (2.9.1)
    net-ssh-gateway (1.2.0)
      net-ssh (>= 2.6.5)
    open4 (1.3.4)
    parslet (1.6.1)
      blankslate (~> 2.0)
    rack (1.6.0)
    rack-test (0.6.2)
      rack (>= 1.0)
    rake (10.3.2)
    ratom (0.9.0)
      libxml-ruby (~> 2.6)
    soup (1.0.11)
    thor (0.19.1)
    tilt (2.0.1)

PLATFORMS
  ruby

DEPENDENCIES
  airbrake
  kramdown
  rake
  recap!
  vanilla!
