GIT
  remote: git://github.com/freerange/freerange-puppet.git
  revision: a98f5e6863d5e1a3ad142d21bbb9e702b2b30a18
  tag: v1.1.21
  specs:
    freerange-puppet (1.1.21)
      capistrano
      capistrano-ext

GIT
  remote: git://github.com/lazyatom/vanilla-rb.git
  revision: aa4427c7f425b6df37dc68a9ccd18cb359c39c7c
  specs:
    vanilla (1.17.2)
      BlueCloth (>= 1.0.0)
      RedCloth (>= 4.1.1)
      haml (>= 3.1)
      parslet (>= 1.2.0)
      rack (>= 0.9.1)
      rack-test (>= 0.5.7)
      ratom (>= 0.3.5)
      soup (>= 1.0.9)

GIT
  remote: http://github.com/freerange/deploy.git
  revision: 6b2bb03cf4fa9897dfd31634fcd43d02670c2d0c
  tag: v1.0.11
  specs:
    freerange-deploy (1.0.11)
      capistrano
      capistrano-ext
      json
      request-log-analyzer
      right_aws (= 2.0.0)
      thor
      tinder (= 1.4.1)

GEM
  remote: http://rubygems.org/
  specs:
    BlueCloth (1.0.1)
    RedCloth (4.2.9)
    activesupport (3.0.7)
    blankslate (2.1.2.4)
    capistrano (2.6.0)
      highline
      net-scp (>= 1.0.0)
      net-sftp (>= 2.0.0)
      net-ssh (>= 2.0.14)
      net-ssh-gateway (>= 1.1.0)
    capistrano-ext (1.2.1)
      capistrano (>= 1.0.0)
    crack (0.1.8)
    eventmachine (0.12.10)
    haml (3.1.4)
    highline (1.6.2)
    httparty (0.7.4)
      crack (= 0.1.8)
    json (1.5.1)
    kramdown (0.13.4)
    libxml-ruby (2.2.2)
    mime-types (1.16)
    net-scp (1.0.4)
      net-ssh (>= 1.99.1)
    net-sftp (2.0.5)
      net-ssh (>= 2.0.9)
    net-ssh (2.1.4)
    net-ssh-gateway (1.1.0)
      net-ssh (>= 1.99.1)
    parslet (1.2.3)
      blankslate (~> 2.0)
    rack (1.4.0)
    rack-test (0.6.1)
      rack (>= 1.0)
    rake (0.8.7)
    ratom (0.6.10)
      libxml-ruby (>= 1.1.2)
    request-log-analyzer (1.10.1)
    right_aws (2.0.0)
      right_http_connection (>= 1.2.1)
    right_http_connection (1.3.0)
    roauth (0.0.3)
    soup (1.0.9)
    thor (0.14.6)
    tinder (1.4.1)
      activesupport
      eventmachine
      httparty
      mime-types
      twitter-stream
    twitter-stream (0.1.12)
      eventmachine (>= 0.12.8)
      roauth (>= 0.0.2)

PLATFORMS
  ruby

DEPENDENCIES
  capistrano
  freerange-deploy!
  freerange-puppet!
  kramdown
  rake
  vanilla!
