GIT
  remote: git://github.com/freerange/deploy.git
  revision: 76bfbbb400690c57aeac3731c778383c8dda88b1
  tag: v1.0.2
  specs:
    freerange-deploy (1.0.2)
      capistrano
      capistrano-ext
      json
      request-log-analyzer
      right_aws (= 2.0.0)
      thor
      tinder (= 1.3.1)

GEM
  remote: http://rubygems.org/
  specs:
    BlueCloth (1.0.1)
    RedCloth (4.2.3)
    activesupport (3.0.1)
    capistrano (2.5.19)
      highline
      net-scp (>= 1.0.0)
      net-sftp (>= 2.0.0)
      net-ssh (>= 2.0.14)
      net-ssh-gateway (>= 1.0.0)
    capistrano-ext (1.2.1)
      capistrano (>= 1.0.0)
    crack (0.1.8)
    haml (3.0.13)
    highline (1.6.1)
    httparty (0.6.1)
      crack (= 0.1.8)
    json (1.4.6)
    kramdown (0.12.0)
    libxml-ruby (1.1.4)
    mime-types (1.16)
    net-scp (1.0.4)
      net-ssh (>= 1.99.1)
    net-sftp (2.0.5)
      net-ssh (>= 2.0.9)
    net-ssh (2.0.23)
    net-ssh-gateway (1.0.1)
      net-ssh (>= 1.99.1)
    polyglot (0.3.1)
    rack (1.2.1)
    ratom (0.6.7)
      libxml-ruby (>= 1.1.2)
    request-log-analyzer (1.9.7)
    right_aws (2.0.0)
      right_http_connection (>= 1.2.1)
    right_http_connection (1.2.4)
    soup (1.0.1)
    thor (0.14.3)
    tinder (1.3.1)
      activesupport
      httparty
      mime-types
    treetop (1.4.9)
      polyglot (>= 0.3.1)
    vanilla (1.12.5)
      BlueCloth (>= 1.0.0)
      RedCloth (>= 4.1.1)
      rack (>= 0.9.1)
      ratom (>= 0.3.5)
      soup (>= 1.0.1)
      treetop (>= 1.4.1)
      warden (>= 0.5.2)
    warden (1.0.2)
      rack (>= 1.0.0)

PLATFORMS
  ruby

DEPENDENCIES
  freerange-deploy!
  haml
  kramdown
  vanilla (= 1.12.5)
