GIT
  remote: git://github.com/freerange/recap.git
  revision: 05fbc43e5681641ab4bf70659d6dd8331962389c
  specs:
    recap (1.0.0)
      capistrano (~> 2.9.0)
      open4
      thor

GIT
  remote: git@github.com:freerange/vanilla-rb.git
  revision: fff25081cd331b25b0c21449fee135aa5ded608e
  branch: raise-errors
  specs:
    vanilla (1.17.2)
      BlueCloth (>= 1.0.0)
      RedCloth (>= 4.1.1)
      haml (>= 3.1)
      parslet (>= 1.2.0)
      rack (>= 0.9.1)
      rack-test (>= 0.5.7)
      ratom (>= 0.3.5)
      soup (>= 1.0.9)

GEM
  remote: http://rubygems.org/
  specs:
    BlueCloth (1.0.1)
    RedCloth (4.2.9)
    blankslate (2.1.2.4)
    capistrano (2.9.0)
      highline
      net-scp (>= 1.0.0)
      net-sftp (>= 2.0.0)
      net-ssh (>= 2.0.14)
      net-ssh-gateway (>= 1.1.0)
    haml (3.1.7)
    highline (1.6.11)
    kramdown (0.13.4)
    libxml-ruby (2.3.3)
    net-scp (1.0.4)
      net-ssh (>= 1.99.1)
    net-sftp (2.0.5)
      net-ssh (>= 2.0.9)
    net-ssh (2.3.0)
    net-ssh-gateway (1.1.0)
      net-ssh (>= 1.99.1)
    open4 (1.3.0)
    parslet (1.4.0)
      blankslate (~> 2.0)
    rack (1.4.1)
    rack-test (0.6.1)
      rack (>= 1.0)
    rake (0.9.2.2)
    ratom (0.7.2)
      libxml-ruby (~> 2.3.2)
    soup (1.0.9)
    thor (0.15.0)

PLATFORMS
  ruby

DEPENDENCIES
  kramdown
  rake
  recap!
  vanilla!
