GIT
  remote: git://github.com/freerange/deploy.git
  revision: 26eb084
  tag: v0.1.13
  specs:
    freerange-deploy (0.1.13)
      capistrano
      capistrano-ext
      json
      thor
      tinder (= 1.3.1)

GEM
  remote: http://rubygems.org/
  specs:
    BlueCloth (1.0.1)
    RedCloth (4.2.3)
    activesupport (2.3.8)
    capistrano (2.5.19)
      highline
      net-scp (>= 1.0.0)
      net-sftp (>= 2.0.0)
      net-ssh (>= 2.0.14)
      net-ssh-gateway (>= 1.0.0)
    capistrano-ext (1.2.1)
      capistrano (>= 1.0.0)
    crack (0.1.8)
    haml (3.0.13)
    highline (1.6.1)
    httparty (0.6.1)
      crack (= 0.1.8)
    json (1.4.3)
    libxml-ruby (1.1.4)
    mime-types (1.16)
    net-scp (1.0.2)
      net-ssh (>= 1.99.1)
    net-sftp (2.0.4)
      net-ssh (>= 2.0.9)
    net-ssh (2.0.23)
    net-ssh-gateway (1.0.1)
      net-ssh (>= 1.99.1)
    polyglot (0.3.1)
    rack (1.2.1)
    ratom (0.6.7)
      libxml-ruby (>= 1.1.2)
    soup (0.9.13)
    thor (0.13.8)
    tinder (1.3.1)
      activesupport
      httparty
      mime-types
    treetop (1.4.8)
      polyglot (>= 0.3.1)
    vanilla (1.11.3)
      BlueCloth (>= 1.0.0)
      RedCloth (>= 4.1.1)
      rack (>= 0.9.1)
      ratom (>= 0.3.5)
      soup (>= 0.9.13)
      treetop (>= 1.4.1)
      warden (>= 0.5.2)
    warden (0.10.7)
      rack (>= 1.0.0)

PLATFORMS
  ruby

DEPENDENCIES
  freerange-deploy!
  haml
  vanilla
