GIT
  remote: git://github.com/freerange/recap.git
  revision: db34d368ee686c367cb3e57516178828f052557c
  specs:
    recap (1.0.12)
      capistrano (~> 2.9)
      open4
      thor

GIT
  remote: git://github.com/lazyatom/vanilla-rb.git
  revision: 06d4a5dd07c13ce939e7853904ebb528bdcc433e
  specs:
    vanilla (1.17.9)
      BlueCloth (>= 1.0.0)
      RedCloth (>= 4.1.1)
      haml (>= 3.1)
      parslet (>= 1.2.0)
      rack (>= 0.9.1)
      rack-test (>= 0.5.7)
      ratom (>= 0.3.5)
      soup (>= 1.0.11)

GIT
  remote: git://github.com/rack/rack-contrib.git
  revision: 5c12ace4ba2b9e4802e4d948a8ee0114da18760b
  specs:
    rack-contrib (1.2.0)
      rack (>= 0.9.1)

GEM
  remote: https://rubygems.org/
  specs:
    BlueCloth (1.0.1)
    RedCloth (4.2.9)
    blankslate (2.1.2.4)
    capistrano (2.15.5)
      highline
      net-scp (>= 1.0.0)
      net-sftp (>= 2.0.0)
      net-ssh (>= 2.0.14)
      net-ssh-gateway (>= 1.1.0)
    haml (4.0.5)
      tilt
    highline (1.6.21)
    kramdown (1.4.0)
    libxml-ruby (2.6.0)
    mail (2.6.1)
      mime-types (>= 1.16, < 3)
    mime-types (2.3)
    net-scp (1.2.1)
      net-ssh (>= 2.6.5)
    net-sftp (2.1.2)
      net-ssh (>= 2.6.5)
    net-ssh (2.9.1)
    net-ssh-gateway (1.2.0)
      net-ssh (>= 2.6.5)
    open4 (1.3.4)
    parslet (1.6.1)
      blankslate (~> 2.0)
    rack (1.5.2)
    rack-test (0.6.2)
      rack (>= 1.0)
    rake (10.3.2)
    ratom (0.8.2)
      libxml-ruby (~> 2.6.0)
    soup (1.0.11)
    thor (0.19.1)
    tilt (2.0.1)

PLATFORMS
  ruby

DEPENDENCIES
  kramdown
  mail
  rack-contrib!
  rake
  recap!
  vanilla!
