GIT
  remote: git://github.com/freerange/recap.git
  revision: 6f8e8fe338f4033d4e131f7ea6aef93a275c3e53
  specs:
    recap (0.1.1)
      capistrano (~> 2.9.0)
      thor

GIT
  remote: git://github.com/lazyatom/vanilla-rb.git
  revision: aa4427c7f425b6df37dc68a9ccd18cb359c39c7c
  specs:
    vanilla (1.17.2)
      BlueCloth (>= 1.0.0)
      RedCloth (>= 4.1.1)
      haml (>= 3.1)
      parslet (>= 1.2.0)
      rack (>= 0.9.1)
      rack-test (>= 0.5.7)
      ratom (>= 0.3.5)
      soup (>= 1.0.9)

GEM
  remote: http://rubygems.org/
  specs:
    BlueCloth (1.0.1)
    RedCloth (4.2.9)
    blankslate (2.1.2.4)
    capistrano (2.9.0)
      highline
      net-scp (>= 1.0.0)
      net-sftp (>= 2.0.0)
      net-ssh (>= 2.0.14)
      net-ssh-gateway (>= 1.1.0)
    haml (3.1.4)
    highline (1.6.11)
    kramdown (0.13.4)
    libxml-ruby (2.2.2)
    net-scp (1.0.4)
      net-ssh (>= 1.99.1)
    net-sftp (2.0.5)
      net-ssh (>= 2.0.9)
    net-ssh (2.3.0)
    net-ssh-gateway (1.1.0)
      net-ssh (>= 1.99.1)
    parslet (1.2.3)
      blankslate (~> 2.0)
    rack (1.4.0)
    rack-test (0.6.1)
      rack (>= 1.0)
    rake (0.8.7)
    ratom (0.6.10)
      libxml-ruby (>= 1.1.2)
    soup (1.0.9)
    thor (0.14.6)

PLATFORMS
  ruby

DEPENDENCIES
  kramdown
  rake
  recap!
  vanilla!
